GEM
  remote: https://rubygems.org/
  specs:
    minitest (5.10.1)
    minitest-hooks (1.4.0)
    sqlite3 (1.3.13)

PLATFORMS
  ruby

DEPENDENCIES
  minitest
  minitest-hooks
  sqlite3

BUNDLED WITH
   1.10.5
