GEM
  remote: https://rubygems.org/
  specs:
    minitest (5.10.1)
    minitest-hooks (1.4.0)
    sqlite3 (1.3.13)
    terminal-table (1.7.3)
      unicode-display_width (~> 1.1.1)
    unicode-display_width (1.1.3)

PLATFORMS
  ruby

DEPENDENCIES
  minitest
  minitest-hooks
  sqlite3
  terminal-table

BUNDLED WITH
   1.10.5
